GEM
  remote: https://rubygems.org/
  specs:
    activesupport (5.2.0)
      concurrent-ruby (~> 1.0, >= 1.0.2)
      i18n (>= 0.7, < 2)
      minitest (~> 5.1)
      tzinfo (~> 1.1)
    addressable (2.5.2)
      public_suffix (>= 2.0.2, < 4.0)
    aws-sdk (2.11.37)
      aws-sdk-resources (= 2.11.37)
    aws-sdk-core (2.11.37)
      aws-sigv4 (~> 1.0)
      jmespath (~> 1.0)
    aws-sdk-resources (2.11.37)
      aws-sdk-core (= 2.11.37)
    aws-sigv4 (1.0.2)
    azure_mgmt_resources (0.16.0)
      ms_rest_azure (~> 0.10.0)
    builder (3.2.3)
    coderay (1.1.2)
    concurrent-ruby (1.0.5)
    confidante (0.7.0)
      activesupport (>= 4.0.2)
      hiera (~> 3.3, >= 3.3.1)
    diff-lcs (1.3)
    docker-api (1.34.2)
      excon (>= 0.47.0)
      multi_json
    domain_name (0.5.20180417)
      unf (>= 0.0.5, < 1.0.0)
    dotenv (2.4.0)
    erubis (2.7.0)
    excon (0.62.0)
    faraday (0.15.0)
      multipart-post (>= 1.2, < 3)
    faraday-cookie_jar (0.0.6)
      faraday (>= 0.7.4)
      http-cookie (~> 1.0.0)
    ffi (1.9.23)
    gssapi (1.2.0)
      ffi (>= 1.0.1)
    gyoku (1.3.1)
      builder (>= 2.1.2)
    hamster (3.0.0)
      concurrent-ruby (~> 1.0)
    hashie (3.5.7)
    hiera (3.4.3)
    htmlentities (4.3.4)
    http-cookie (1.0.3)
      domain_name (~> 0.5)
    httpclient (2.8.3)
    i18n (1.0.1)
      concurrent-ruby (~> 1.0)
    inifile (3.0.0)
    inspec (2.1.54)
      addressable (~> 2.4)
      faraday (>= 0.9.0)
      hashie (~> 3.4)
      htmlentities
      json (>= 1.8, < 3.0)
      method_source (~> 0.8)
      mixlib-log
      parallel (~> 1.9)
      parslet (~> 1.5)
      pry (~> 0)
      rspec (~> 3)
      rspec-its (~> 1.2)
      rubyzip (~> 1.1)
      semverse
      sslshake (~> 1.2)
      thor (~> 0.20)
      tomlrb (~> 1.2)
      train (~> 1.4)
    jmespath (1.4.0)
    json (2.1.0)
    lino (1.1.0)
      hamster (~> 3.0)
      open4 (~> 1.3)
    little-plugger (1.1.4)
    logging (2.2.2)
      little-plugger (~> 1.1)
      multi_json (~> 1.10)
    method_source (0.9.0)
    minitar (0.6.1)
    minitest (5.11.3)
    mixlib-log (2.0.4)
    mixlib-shellout (2.3.2)
    ms_rest (0.7.2)
      concurrent-ruby (~> 1.0)
      faraday (~> 0.9)
      timeliness (~> 0.3)
    ms_rest_azure (0.10.6)
      concurrent-ruby (~> 1.0)
      faraday (~> 0.9)
      faraday-cookie_jar (~> 0.0.6)
      ms_rest (~> 0.7.2)
    multi_json (1.13.1)
    multipart-post (2.0.0)
    net-scp (1.2.1)
      net-ssh (>= 2.6.5)
    net-ssh (4.2.0)
    nori (2.6.0)
    open4 (1.3.4)
    parallel (1.12.1)
    parslet (1.8.2)
    pry (0.11.3)
      coderay (~> 1.1.0)
      method_source (~> 0.9.0)
    public_suffix (3.0.2)
    rake (11.3.0)
    rake_dependencies (0.15.1)
      hamster (~> 3.0)
      minitar (~> 0.6)
      rubyzip (~> 1.1)
    rake_docker (0.12.0)
      aws-sdk (~> 2.10)
      docker-api (~> 1.34)
    rake_fly (0.6.0)
      rake_dependencies (~> 0.15)
      ruby_fly (~> 0.4)
    rake_terraform (0.16.0)
      rake_dependencies (~> 0.15)
      ruby-terraform (~> 0.9)
    rspec (3.7.0)
      rspec-core (~> 3.7.0)
      rspec-expectations (~> 3.7.0)
      rspec-mocks (~> 3.7.0)
    rspec-core (3.7.1)
      rspec-support (~> 3.7.0)
    rspec-expectations (3.7.0)
      diff-lcs (>= 1.2.0, < 2.0)
      rspec-support (~> 3.7.0)
    rspec-its (1.2.0)
      rspec-core (>= 3.0.0)
      rspec-expectations (>= 3.0.0)
    rspec-mocks (3.7.0)
      diff-lcs (>= 1.2.0, < 2.0)
      rspec-support (~> 3.7.0)
    rspec-support (3.7.1)
    ruby-terraform (0.11.0)
      lino (~> 1.1)
    ruby_fly (0.4.1)
      lino (~> 1.1)
    rubyntlm (0.6.2)
    rubyzip (1.2.1)
    semantic (1.6.1)
    semverse (2.0.0)
    sslshake (1.2.0)
    thor (0.20.0)
    thread_safe (0.3.6)
    timeliness (0.3.8)
    tomlrb (1.2.6)
    train (1.4.1)
      aws-sdk (~> 2)
      azure_mgmt_resources (~> 0.15)
      docker-api (~> 1.26)
      inifile
      json (>= 1.8, < 3.0)
      mixlib-shellout (~> 2.0)
      net-scp (~> 1.2)
      net-ssh (>= 2.9, < 5.0)
      winrm (~> 2.0)
      winrm-fs (~> 1.0)
    tzinfo (1.2.5)
      thread_safe (~> 0.1)
    unf (0.1.4)
      unf_ext
    unf_ext (0.0.7.5)
    winrm (2.2.3)
      builder (>= 2.1.2)
      erubis (~> 2.7)
      gssapi (~> 1.2)
      gyoku (~> 1.0)
      httpclient (~> 2.2, >= 2.2.0.2)
      logging (>= 1.6.1, < 3.0)
      nori (~> 2.0)
      rubyntlm (~> 0.6.0, >= 0.6.1)
    winrm-fs (1.2.0)
      erubis (~> 2.7)
      logging (>= 1.6.1, < 3.0)
      rubyzip (~> 1.1)
      winrm (~> 2.0)

PLATFORMS
  ruby

DEPENDENCIES
  activesupport (~> 5.1, >= 5.1.1)
  confidante (~> 0.6)
  docker-api (~> 1.33)
  dotenv (~> 2.2)
  inspec (~> 2.1, >= 2.1.43)
  lino (~> 1.1)
  rake (~> 11.2)
  rake_dependencies (~> 0.15)
  rake_docker (~> 0.10)
  rake_fly (~> 0.6)
  rake_terraform (~> 0.16)
  semantic (~> 1.4, >= 1.4.1)

BUNDLED WITH
   1.16.1
